GIT
  remote: https://github.com/spikeheap/tty
  revision: 970d2a7a41741ed2ee8372001167db8ac93decf1
  branch: patch-1
  specs:
    tty (0.9.1)
      bundler (>= 1.16)
      equatable (~> 0.5)
      pastel (~> 0.7.2)
      thor (~> 0.20.0)
      tty-box (~> 0.3.0)
      tty-color (~> 0.4)
      tty-command (~> 0.8.0)
      tty-config (~> 0.3.0)
      tty-cursor (~> 0.6)
      tty-editor (~> 0.5.0)
      tty-file (~> 0.7.0)
      tty-font (~> 0.2.0)
      tty-markdown (~> 0.5.0)
      tty-pager (~> 0.12.0)
      tty-pie (~> 0.2.0)
      tty-platform (~> 0.2.0)
      tty-progressbar (~> 0.16.0)
      tty-prompt (~> 0.18.0)
      tty-screen (~> 0.6)
      tty-spinner (~> 0.9.0)
      tty-table (~> 0.10.0)
      tty-tree (~> 0.2.0)
      tty-which (~> 0.4)

GEM
  remote: https://rubygems.org/
  specs:
    coderay (1.1.2)
    diff-lcs (1.3)
    elasticsearch (6.1.0)
      elasticsearch-api (= 6.1.0)
      elasticsearch-transport (= 6.1.0)
    elasticsearch-api (6.1.0)
      multi_json
    elasticsearch-transport (6.1.0)
      faraday
      multi_json
    equatable (0.5.0)
    faraday (0.15.4)
      multipart-post (>= 1.2, < 3)
    kramdown (1.16.2)
    method_source (0.9.2)
    mini_portile2 (2.4.0)
    multi_json (1.13.1)
    multipart-post (2.0.0)
    necromancer (0.4.0)
    nokogiri (1.10.1)
      mini_portile2 (~> 2.4.0)
    pastel (0.7.2)
      equatable (~> 0.5.0)
      tty-color (~> 0.4.0)
    pry (0.12.2)
      coderay (~> 1.1.0)
      method_source (~> 0.9.0)
    roo (2.8.2)
      nokogiri (~> 1)
      rubyzip (>= 1.2.1, < 2.0.0)
    rouge (3.3.0)
    rubyzip (1.2.2)
    strings (0.1.4)
      strings-ansi (~> 0.1.0)
      unicode-display_width (~> 1.4.0)
      unicode_utils (~> 1.4.0)
    strings-ansi (0.1.0)
    thor (0.20.3)
    timers (4.3.0)
    tty-box (0.3.0)
      pastel (~> 0.7.2)
      strings (~> 0.1.4)
      tty-cursor (~> 0.6.0)
    tty-color (0.4.3)
    tty-command (0.8.2)
      pastel (~> 0.7.0)
    tty-config (0.3.1)
    tty-cursor (0.6.0)
    tty-editor (0.5.0)
      tty-prompt (~> 0.18)
      tty-which (~> 0.4)
    tty-file (0.7.0)
      diff-lcs (~> 1.3)
      pastel (~> 0.7.2)
      tty-prompt (~> 0.18)
    tty-font (0.2.0)
    tty-markdown (0.5.1)
      kramdown (~> 1.16.2)
      pastel (~> 0.7.2)
      rouge (~> 3.3)
      strings (~> 0.1.4)
      tty-color (~> 0.4)
      tty-screen (~> 0.6)
    tty-pager (0.12.0)
      strings (~> 0.1.4)
      tty-screen (~> 0.6)
      tty-which (~> 0.4)
    tty-pie (0.2.0)
      pastel (~> 0.7.2)
      tty-cursor (~> 0.6.0)
    tty-platform (0.2.0)
    tty-progressbar (0.16.0)
      strings-ansi (~> 0.1.0)
      tty-cursor (~> 0.6.0)
      tty-screen (~> 0.6.4)
      unicode-display_width (~> 1.3)
    tty-prompt (0.18.1)
      necromancer (~> 0.4.0)
      pastel (~> 0.7.0)
      timers (~> 4.0)
      tty-cursor (~> 0.6.0)
      tty-reader (~> 0.5.0)
    tty-reader (0.5.0)
      tty-cursor (~> 0.6.0)
      tty-screen (~> 0.6.4)
      wisper (~> 2.0.0)
    tty-screen (0.6.5)
    tty-spinner (0.9.0)
      tty-cursor (~> 0.6.0)
    tty-table (0.10.0)
      equatable (~> 0.5.0)
      necromancer (~> 0.4.0)
      pastel (~> 0.7.2)
      strings (~> 0.1.0)
      tty-screen (~> 0.6.4)
    tty-tree (0.2.0)
    tty-which (0.4.0)
    unicode-display_width (1.4.1)
    unicode_utils (1.4.0)
    wisper (2.0.0)

PLATFORMS
  ruby

DEPENDENCIES
  elasticsearch (~> 6.1)
  pry (~> 0.12.2)
  roo (~> 2.7)
  tty!

BUNDLED WITH
   2.0.1
